GEM
  remote: https://rubygems.org/
  specs:
    mini_portile2 (2.5.3)
    nokogiri (1.11.0)
      mini_portile2 (~> 2.5.0)
      racc (~> 1.4)
    racc (1.7.2)
    rack (3.0.0)

PLATFORMS
  ruby

DEPENDENCIES
  nokogiri (= 1.11)
  rack (= 3.0.0)

BUNDLED WITH
   2.4.18
