GEM
  remote: https://rubygems.org/
  specs:
    mini_portile2 (2.8.7)
    nokogiri (1.16.5)
      mini_portile2 (~> 2.8.2)
      racc (~> 1.4)
    racc (1.8.0)
    rack (3.0.9.1)

PLATFORMS
  ruby

DEPENDENCIES
  nokogiri (= 1.16.5)
  rack (= 3.0.9.1)

BUNDLED WITH
   2.4.18
